GEM
  remote: http://rubygems.org/
  specs:
    RedCloth (4.2.8)
    chunky_png (1.2.5)
    compass (0.11.7)
      chunky_png (~> 1.2)
      fssm (>= 0.2.7)
      sass (~> 3.1)
    compass-susy-plugin (0.9)
      compass (>= 0.11.1)
    fssm (0.2.8.1)
    haml (3.1.3)
    nesta (0.9.13)
      RedCloth (~> 4.2)
      haml (~> 3.1)
      rdiscount (~> 1.6)
      sass (~> 3.1)
      shotgun (>= 0.8)
      sinatra (= 1.2.6)
    nesta-plugin-blogazine (0.0.1)
      nesta (>= 0.9.11)
    rack (1.3.5)
    rdiscount (1.6.8)
    sass (3.1.10)
    shotgun (0.9)
      rack (>= 1.0)
    sinatra (1.2.6)
      rack (~> 1.1)
      tilt (>= 1.2.2, < 2.0)
    tilt (1.3.3)

PLATFORMS
  ruby

DEPENDENCIES
  compass-susy-plugin
  nesta (= 0.9.13)
  nesta-plugin-blogazine
